GEM
  remote: https://rubygems.org/
  specs:
    sass (3.4.18)
    sass-css-importer (1.0.0.beta.0)
      sass (>= 3.1)
    sass-globbing-pr-20 (1.1.2)
      sass (>= 3.1)
    susy (2.2.6)
      sass (>= 3.3.0, < 3.5)

PLATFORMS
  x86-mingw32

DEPENDENCIES
  sass
  sass-css-importer
  sass-globbing-pr-20 (~> 1.1.2)
  susy

BUNDLED WITH
   1.10.6
